GEM
  remote: http://ruby.taobao.org/
  specs:
    activesupport (4.0.0)
      i18n (~> 0.6, >= 0.6.4)
      minitest (~> 4.2)
      multi_json (~> 1.3)
      thread_safe (~> 0.1)
      tzinfo (~> 0.3.37)
    amq-protocol (1.6.0)
    atomic (1.1.10)
    builder (3.1.4)
    bunny (0.9.8)
      amq-protocol (>= 1.6.0)
    ci_reporter (1.9.0)
      builder (>= 2.1.2)
    diff-lcs (1.2.4)
    i18n (0.6.4)
    minitest (4.7.5)
    multi_json (1.7.7)
    oj (2.1.4)
    rspec (2.14.1)
      rspec-core (~> 2.14.0)
      rspec-expectations (~> 2.14.0)
      rspec-mocks (~> 2.14.0)
    rspec-core (2.14.4)
    rspec-expectations (2.14.0)
      diff-lcs (>= 1.1.3, < 2.0)
    rspec-mocks (2.14.2)
    simplecov (0.7.1)
      multi_json (~> 1.0)
      simplecov-html (~> 0.7.1)
    simplecov-html (0.7.1)
    simplecov-rcov (0.2.3)
      simplecov (>= 0.4.1)
    thread_safe (0.1.2)
      atomic
    tzinfo (0.3.37)

PLATFORMS
  ruby

DEPENDENCIES
  activesupport
  bunny (>= 0.9.0)
  ci_reporter
  oj
  rspec
  simplecov
  simplecov-rcov
